GEM
  remote: https://rubygems.org/
  specs:
    nokogiri (1.13.1-arm64-darwin)
      racc (~> 1.4)
    racc (1.6.0)

PLATFORMS
  arm64-darwin-21

DEPENDENCIES
  nokogiri

RUBY VERSION
   ruby 2.7.4p191

BUNDLED WITH
   2.3.5
